GEM
  remote: https://rubygems.org/
  specs:
    coderay (1.1.2)
    httparty (0.21.0)
      mini_mime (>= 1.0.0)
      multi_xml (>= 0.5.2)
    method_source (0.9.2)
    mini_mime (1.1.2)
    mini_portile2 (2.4.0)
    multi_xml (0.6.0)
    nokogiri (1.10.7)
      mini_portile2 (~> 2.4.0)
    pry (0.12.2)
      coderay (~> 1.1.0)
      method_source (~> 0.9.0)
    rake (12.3.3)
    require_all (3.0.0)

PLATFORMS
  ruby

DEPENDENCIES
  httparty
  nokogiri
  pry
  rake (~> 12.0)
  require_all

BUNDLED WITH
   2.1.4
